GEM
  remote: https://rubygems.org/
  specs:
    honeybadger (2.4.1)

PLATFORMS
  ruby

DEPENDENCIES
  honeybadger

BUNDLED WITH
   1.10.6
